GEM
  remote: http://rubygems.org/
  specs:
    adsf (1.2.0)
      rack (>= 1.0.0)
    blankslate (3.1.2)
    builder (3.2.2)
    coderay (1.1.0)
    colored (1.2)
    cri (2.4.1)
      colored (>= 1.2)
    daemons (1.1.9)
    ethon (0.7.0)
      ffi (>= 1.3.0)
    eventmachine (1.0.3)
    ffi (1.9.3)
    fssm (0.2.10)
    html-proofer (0.6.1)
      colored (~> 1.2)
      mercenary (~> 0.2.0)
      nokogiri (~> 1.6.0)
      typhoeus (~> 0.6.7)
    kramdown (0.13.8)
    mercenary (0.2.1)
    mime-types (1.25.1)
    mini_portile (0.5.2)
    nanoc (3.4.3)
      cri (~> 2.2)
    nokogiri (1.6.1)
      mini_portile (~> 0.5.0)
    pygments.rb (0.2.3)
      rubypython (>= 0.5.1)
    rack (1.5.2)
    rake (0.9.6)
    rubypython (0.6.3)
      blankslate (>= 2.1.2.3)
      ffi (>= 1.0.7)
    thin (1.6.1)
      daemons (>= 1.0.9)
      eventmachine (>= 1.0.0)
      rack (>= 1.0.0)
    typhoeus (0.6.8)
      ethon (>= 0.7.0)
    yajl-ruby (0.8.3)

PLATFORMS
  ruby

DEPENDENCIES
  adsf
  builder
  coderay
  fssm
  html-proofer (~> 0.6.1)
  kramdown (~> 0.13.2)
  mime-types (~> 1.16)
  nanoc (~> 3.4.3)
  nokogiri (~> 1.6.0)
  pygments.rb
  rake (~> 0.9.2)
  thin
  yajl-ruby (~> 0.8.2)
